PATH
  remote: .
  specs:
    flex (0.4.2)
      multi_json (= 1.5.0)
      progressbar (~> 0.11.0)
      prompter (~> 0.1.5)

GEM
  remote: https://rubygems.org/
  specs:
    differ (0.1.2)
    dye (0.1.4)
    irt (1.2.12)
      differ (>= 0.1.1)
      dye (>= 0.1.3)
      prompter (>= 0.1.4)
    mime-types (1.19)
    multi_json (1.5.0)
    patron (0.4.18)
    progressbar (0.11.0)
    prompter (0.1.5)
      dye (>= 0.1.1)
      yard (>= 0.6.3)
    rest-client (1.6.7)
      mime-types (>= 1.16)
    yard (0.8.3)

PLATFORMS
  ruby

DEPENDENCIES
  flex!
  irt (~> 1.2.10)
  patron (~> 0.4.18)
  rest-client (~> 1.6.7)
